PATH
  remote: .
  specs:
    pokepay_partner_ruby_sdk (0.1.1)
      inifile (~> 3.0.0)
      json (~> 2.1.0)
      openssl (~> 2.1.2)

GEM
  remote: https://rubygems.org/
  specs:
    inifile (3.0.0)
    ipaddr (1.2.2)
    json (2.1.0)
    minitest (5.11.3)
    openssl (2.1.2)
      ipaddr
    rake (10.5.0)

PLATFORMS
  ruby

DEPENDENCIES
  bundler (~> 2.0)
  minitest (~> 5.0)
  pokepay_partner_ruby_sdk!
  rake (~> 10.0)

BUNDLED WITH
   2.0.2
